GEM
  remote: https://rubygems.org/
  specs:
    activemodel (4.0.13)
      activesupport (= 4.0.13)
      builder (~> 3.1.0)
    activerecord (4.0.13)
      activemodel (= 4.0.13)
      activerecord-deprecated_finders (~> 1.0.2)
      activesupport (= 4.0.13)
      arel (~> 4.0.0)
    activerecord-deprecated_finders (1.0.4)
    activesupport (4.0.13)
      i18n (~> 0.6, >= 0.6.9)
      minitest (~> 4.2)
      multi_json (~> 1.3)
      thread_safe (~> 0.1)
      tzinfo (~> 0.3.37)
    arel (4.0.2)
    builder (3.1.4)
    coderay (1.0.9)
    concurrent-ruby (1.1.5)
    delayed_job (4.0.0)
      activesupport (>= 3.0, < 4.1)
    delayed_job_active_record (4.0.0)
      activerecord (>= 3.0, < 4.1)
      delayed_job (>= 3.0, < 4.1)
    hiredis (0.4.5)
    i18n (0.9.5)
      concurrent-ruby (~> 1.0)
    method_source (0.8.1)
    minitest (4.7.5)
    multi_json (1.14.1)
    pg (0.17.1)
    pry (0.9.12.1)
      coderay (~> 1.0.5)
      method_source (~> 0.8)
      slop (~> 3.4)
    que (0.5.0)
    queue_classic (3.0.0rc)
      pg (~> 0.17.0)
    redis (3.0.6)
    slop (3.4.4)
    thread_safe (0.3.6)
    tzinfo (0.3.56)

PLATFORMS
  ruby

DEPENDENCIES
  delayed_job
  delayed_job_active_record
  hiredis
  pry
  que (= 0.5.0)
  queue_classic (= 3.0.0rc)
  redis
